GEM
  remote: http://rubygems.org/
  specs:
    activesupport (3.1.0.rc4)
      multi_json (~> 1.0)
    awesome_print (0.4.0)
    i18n (0.6.0)
    json (1.5.3)
    multi_json (1.0.3)
    nestful (0.0.6)
      activesupport (>= 3.0.0.beta)

PLATFORMS
  ruby

DEPENDENCIES
  awesome_print
  i18n
  json
  nestful
